FRAMEWORK: NET45
NUGET
  remote: https://www.nuget.org/api/v2
  specs:
    Autofac (3.5.2)
    CommonServiceLocator (1.3)
    log4net (2.0.5)
    Microsoft.Bcl (1.1.10)
      Microsoft.Bcl.Build (>= 1.0.14)
    Microsoft.Bcl.Build (1.0.21) - import_targets: false
    Microsoft.Net.Http (2.2.29)
      Microsoft.Bcl (>= 1.1.10)
      Microsoft.Bcl.Build (>= 1.0.14)
    MvvmLight (5.1.1)
      MvvmLightLibs (>= 5.1.1.0)
    MvvmLightLibs (5.1.1)
      CommonServiceLocator (>= 1.3)
    NUnit (2.6.4)
    RhinoMocks (3.6.1)
    System.IO.Abstractions (2.0.0.138)
    System.IO.Abstractions.TestingHelpers (2.0.0.138)
      System.IO.Abstractions
  remote: ..\..\nugets
  specs:
    OrlovMikhail.Tools (1.1.0.0)
      log4net (>= 2.0.3 < 2.1.0)
      NUnit (>= 2.6.4 < 2.7.0)
      System.IO.Abstractions (>= 2.0.0 < 2.1.0)
